GEM
  remote: https://rubygems.org/
  specs:
    Ascii85 (1.0.2)
    adsf (1.1.1)
      rack (>= 1.0.0)
    afm (0.2.0)
    hashery (2.1.0)
    pdf-reader (1.3.2)
      Ascii85 (~> 1.0.0)
      afm (~> 0.2.0)
      hashery (~> 2.0)
      ruby-rc4
      ttfunk
    rack (1.5.2)
    ruby-rc4 (0.1.5)
    ttfunk (1.0.3)

PLATFORMS
  ruby

DEPENDENCIES
  adsf
  pdf-reader
